GEM
  remote: http://repo.sys.test.com/artifactory/rubygems-repos/
  specs: 
    httpclient (2.6.0.1)
    json (1.7.7)
    pp (0.1.1)
    rally_api (1.2.1)


  PLATFORMS
    ruby

  DEPENDENCIES

    json (=1.7.7)
    pp (=0.1.1)
    rally_api (=1.2.1)

  BUNDLED WITH 
    1.16.4